STORAGE: NONE
RESTRICTION: || (== net50) (== netcoreapp3.1)
NUGET
  remote: https://api.nuget.org/v3/index.json
    Fleece.SystemTextJson (0.8)
      FSharp.Core (>= 4.6.2)
      FSharpPlus (>= 1.1.1)
      System.Text.Json (>= 4.7.1)
    FSharp.Core (6.0.1)
    FSharpPlus (1.2)
      FSharp.Core (>= 4.6.2)
    System.Runtime.CompilerServices.Unsafe (5.0) - restriction: || (&& (== net50) (>= monotouch)) (&& (== net50) (>= net461)) (&& (== net50) (< netcoreapp2.0)) (&& (== net50) (< netcoreapp2.1)) (&& (== net50) (< netcoreapp3.0)) (&& (== net50) (< netstandard2.0) (>= xamarintvos)) (&& (== net50) (< netstandard2.0) (>= xamarinwatchos)) (&& (== net50) (>= uap10.1)) (== netcoreapp3.1)
    System.Text.Encodings.Web (5.0.1) - restriction: || (&& (== net50) (>= monotouch)) (&& (== net50) (>= net461)) (&& (== net50) (< netcoreapp2.0)) (&& (== net50) (< netcoreapp2.1)) (&& (== net50) (< netcoreapp3.0)) (&& (== net50) (< netstandard2.0) (>= xamarintvos)) (&& (== net50) (< netstandard2.0) (>= xamarinwatchos)) (&& (== net50) (>= uap10.1)) (== netcoreapp3.1)
    System.Text.Json (5.0.2)
      System.Runtime.CompilerServices.Unsafe (>= 5.0) - restriction: || (&& (== net50) (>= monotouch)) (&& (== net50) (>= net461)) (&& (== net50) (< netcoreapp2.0)) (&& (== net50) (< netcoreapp2.1)) (&& (== net50) (< netcoreapp3.0)) (&& (== net50) (< netstandard2.0) (>= xamarintvos)) (&& (== net50) (< netstandard2.0) (>= xamarinwatchos)) (&& (== net50) (>= uap10.1)) (== netcoreapp3.1)
      System.Text.Encodings.Web (>= 5.0.1) - restriction: || (&& (== net50) (>= monotouch)) (&& (== net50) (>= net461)) (&& (== net50) (< netcoreapp2.0)) (&& (== net50) (< netcoreapp2.1)) (&& (== net50) (< netcoreapp3.0)) (&& (== net50) (< netstandard2.0) (>= xamarintvos)) (&& (== net50) (< netstandard2.0) (>= xamarinwatchos)) (&& (== net50) (>= uap10.1)) (== netcoreapp3.1)

GROUP Tests
STORAGE: NONE
STRATEGY: MIN
RESTRICTION: || (== net50) (== netcoreapp3.1)
NUGET
  remote: https://api.nuget.org/v3/index.json
    coverlet.collector (3.1)
    FSharp.Core (6.0.1)
    FsUnit.xUnit (4.1)
      FSharp.Core (>= 5.0.2)
      NETStandard.Library (>= 2.0.3)
      NHamcrest (>= 2.0.1 < 2.1)
      xunit (>= 2.4.1 < 2.5)
    Microsoft.CodeCoverage (16.11)
    Microsoft.NET.Test.Sdk (16.11)
      Microsoft.CodeCoverage (>= 16.11)
      Microsoft.TestPlatform.TestHost (>= 16.11)
    Microsoft.NETCore.Platforms (5.0.4)
    Microsoft.TestPlatform.ObjectModel (16.11)
      NuGet.Frameworks (>= 5.0)
      System.Reflection.Metadata (>= 1.6)
    Microsoft.TestPlatform.TestHost (16.11)
      Microsoft.TestPlatform.ObjectModel (>= 16.11)
      Newtonsoft.Json (>= 9.0.1)
    NETStandard.Library (2.0.3)
      Microsoft.NETCore.Platforms (>= 1.1)
    Newtonsoft.Json (13.0.1)
    NHamcrest (2.0.1)
      NETStandard.Library (>= 1.6.1)
    NuGet.Frameworks (5.0)
    System.Collections.Immutable (5.0) - restriction: || (&& (== net50) (>= net461)) (&& (== net50) (< netstandard1.1)) (&& (== net50) (< netstandard2.0)) (== netcoreapp3.1)
    System.Reflection.Metadata (5.0)
      System.Collections.Immutable (>= 5.0) - restriction: || (&& (== net50) (>= net461)) (&& (== net50) (< netstandard1.1)) (&& (== net50) (< netstandard2.0)) (== netcoreapp3.1)
    xunit (2.4.1)
      xunit.analyzers (>= 0.10)
      xunit.assert (2.4.1)
      xunit.core (2.4.1)
    xunit.abstractions (2.0.3)
    xunit.analyzers (0.10)
    xunit.assert (2.4.1)
      NETStandard.Library (>= 1.6.1)
    xunit.core (2.4.1)
      xunit.extensibility.core (2.4.1)
      xunit.extensibility.execution (2.4.1)
    xunit.extensibility.core (2.4.1)
      NETStandard.Library (>= 1.6.1)
      xunit.abstractions (>= 2.0.3)
    xunit.extensibility.execution (2.4.1)
      NETStandard.Library (>= 1.6.1)
      xunit.extensibility.core (2.4.1)
    xunit.runner.visualstudio (2.4.3)
